GIT
  remote: https://github.com/rubycdp/ferrum.git
  revision: 7cc1a63351232b10f9ce191104efe6e9c72acca2
  ref: 7cc1a63351232b10f9ce191104efe6e9c72acca2
  specs:
    ferrum (0.15)
      addressable (~> 2.5)
      base64 (~> 0.2)
      concurrent-ruby (~> 1.1)
      webrick (~> 1.7)
      websocket-driver (~> 0.7)

GEM
  remote: https://rubygems.org/
  specs:
    activemodel (8.0.0.1)
      activesupport (= 8.0.0.1)
    activerecord (8.0.0.1)
      activemodel (= 8.0.0.1)
      activesupport (= 8.0.0.1)
      timeout (>= 0.4.0)
    activesupport (8.0.0.1)
      base64
      benchmark (>= 0.3)
      bigdecimal
      concurrent-ruby (~> 1.0, >= 1.3.1)
      connection_pool (>= 2.2.5)
      drb
      i18n (>= 1.6, < 2)
      logger (>= 1.4.2)
      minitest (>= 5.1)
      securerandom (>= 0.3)
      tzinfo (~> 2.0, >= 2.0.5)
      uri (>= 0.13.1)
    addressable (2.8.7)
      public_suffix (>= 2.0.2, < 7.0)
    base64 (0.2.0)
    benchmark (0.4.0)
    bigdecimal (3.1.8)
    concurrent-ruby (1.3.4)
    connection_pool (2.4.1)
    date (3.4.1)
    debug (1.9.2)
      irb (~> 1.10)
      reline (>= 0.3.8)
    drb (2.2.1)
    i18n (1.14.6)
      concurrent-ruby (~> 1.0)
    io-console (0.8.0)
    irb (1.14.2)
      rdoc (>= 4.0.0)
      reline (>= 0.4.2)
    json (2.9.0)
    logger (1.6.2)
    mime-types (3.6.0)
      logger
      mime-types-data (~> 3.2015)
    mime-types-data (3.2024.1203)
    mini_magick (4.12.0)
    mini_portile2 (2.8.8)
    minitest (5.25.4)
    mustermann (3.0.3)
      ruby2_keywords (~> 0.0.1)
    nio4r (2.7.4)
    psych (5.2.1)
      date
      stringio
    public_suffix (6.0.1)
    puma (6.5.0)
      nio4r (~> 2.0)
    puppeteer-ruby (0.45.6)
      concurrent-ruby (>= 1.1, < 1.4)
      mime-types (>= 3.0)
      websocket-driver (>= 0.6.0)
    rack (3.1.8)
    rack-protection (4.1.1)
      base64 (>= 0.1.0)
      logger (>= 1.6.0)
      rack (>= 3.0.0, < 4)
    rack-session (2.0.0)
      rack (>= 3.0.0)
    rackup (2.2.1)
      rack (>= 3)
    rake (13.2.1)
    rdoc (6.8.1)
      psych (>= 4.0.0)
    reline (0.5.12)
      io-console (~> 0.5)
    ruby2_keywords (0.0.5)
    securerandom (0.4.0)
    sinatra (4.1.1)
      logger (>= 1.6.0)
      mustermann (~> 3.0)
      rack (>= 3.0.0, < 4)
      rack-protection (= 4.1.1)
      rack-session (>= 2.0.0, < 3)
      tilt (~> 2.0)
    sinatra-activerecord (2.0.28)
      activerecord (>= 4.1)
      sinatra (>= 1.0)
    sqlite3 (2.5.0)
      mini_portile2 (~> 2.8.0)
    stringio (3.1.2)
    tilt (2.4.0)
    timeout (0.4.2)
    tzinfo (2.0.6)
      concurrent-ruby (~> 1.0)
    uri (1.0.2)
    webrick (1.9.1)
    websocket-driver (0.7.6)
      websocket-extensions (>= 0.1.0)
    websocket-extensions (0.1.5)

PLATFORMS
  ruby
  x86_64-darwin-21

DEPENDENCIES
  activerecord
  debug
  ferrum!
  json
  mini_magick (~> 4.12.0)
  puma
  puppeteer-ruby (~> 0.45.6)
  rackup
  rake
  sinatra-activerecord
  sqlite3

BUNDLED WITH
   2.5.6
